GEM
  remote: https://rubygems.org/
  specs:
    coderay (1.1.0)
    coolline (0.4.3)
    diff-lcs (1.2.5)
    json (1.8.1)
    method_source (0.8.2)
    polyglot (0.3.4)
    pry (0.9.12.6)
      coderay (~> 1.0)
      method_source (~> 0.8)
      slop (~> 3.4)
    pry-coolline (0.2.4)
      coolline (~> 0.3)
    pry-doc (0.5.1)
      pry (>= 0.9)
      yard (>= 0.8)
    pry-theme (1.0.2)
      coderay (~> 1.1)
      json (~> 1.8)
    rspec (2.14.1)
      rspec-core (~> 2.14.0)
      rspec-expectations (~> 2.14.0)
      rspec-mocks (~> 2.14.0)
    rspec-core (2.14.8)
    rspec-expectations (2.14.5)
      diff-lcs (>= 1.1.3, < 2.0)
    rspec-mocks (2.14.6)
    slop (3.4.7)
    treetop (1.4.15)
      polyglot
      polyglot (>= 0.3.1)
    yard (0.8.7.3)

PLATFORMS
  ruby

DEPENDENCIES
  pry
  pry-coolline
  pry-doc
  pry-theme
  rspec
  treetop
